GEM
  remote: https://rubygems.org/
  specs:
    addressable (2.8.0)
      public_suffix (>= 2.0.2, < 5.0)
    ansi (1.5.0)
    ast (2.4.2)
    daemons (1.4.1)
    em-websocket (0.3.8)
      addressable (>= 2.1.1)
      eventmachine (>= 0.12.9)
    eventmachine (1.2.7)
    io-console (0.5.11)
    irb (1.4.1)
      reline (>= 0.3.0)
    multi_json (1.15.0)
    mustermann (1.1.1)
      ruby2_keywords (~> 0.0.1)
    oga (3.3)
      ast
      ruby-ll (~> 2.1)
    psych (4.0.4)
      stringio
    public_suffix (4.0.7)
    rack (2.2.3)
    rack-protection (2.2.0)
      rack
    rdoc (6.4.0)
      psych (>= 4.0.0)
    reline (0.3.1)
      io-console (~> 0.5)
    ruby-ll (2.1.2)
      ansi
      ast
    ruby2_keywords (0.0.5)
    sinatra (2.2.0)
      mustermann (~> 1.0)
      rack (~> 2.2)
      rack-protection (= 2.2.0)
      tilt (~> 2.0)
    sinatra-contrib (2.2.0)
      multi_json
      mustermann (~> 1.0)
      rack-protection (= 2.2.0)
      sinatra (= 2.2.0)
      tilt (~> 2.0)
    sinatra-websocket (0.3.1)
      em-websocket (~> 0.3.6)
      eventmachine
      thin (>= 1.3.1, < 2.0.0)
    stringio (3.0.2)
    thin (1.8.1)
      daemons (~> 1.0, >= 1.0.9)
      eventmachine (~> 1.0, >= 1.0.4)
      rack (>= 1, < 3)
    tilt (2.0.10)

PLATFORMS
  x86_64-linux

DEPENDENCIES
  irb
  oga
  rdoc
  sinatra
  sinatra-contrib
  sinatra-websocket

BUNDLED WITH
   2.3.4
